GIT
  remote: git://github.com/eric/metriks-librato_metrics.git
  revision: 6ceeb78f419d990e5815443f7627aca848aa3810
  specs:
    metriks-librato_metrics (0.0)
      metriks (>= 0.9.9.6)

GEM
  remote: https://rubygems.org/
  specs:
    addressable (2.3.5)
    atomic (1.1.16)
    avl_tree (1.1.3)
    backports (3.3.4)
    faraday (0.8.8)
      multipart-post (~> 1.2.0)
    gh (0.13.0)
      addressable
      backports
      faraday (~> 0.8)
      multi_json (~> 1.0)
      net-http-persistent (>= 2.7)
      net-http-pipeline
    hitimes (1.2.1)
    metriks (0.9.9.6)
      atomic (~> 1.0)
      avl_tree (~> 1.1.2)
      hitimes (~> 1.1)
    multi_json (1.8.1)
    multipart-post (1.2.0)
    net-http-persistent (2.9)
    net-http-pipeline (1.0.1)
    nokogiri (1.5.10)
    puma (1.6.3)
      rack (~> 1.2)
    rack (1.5.2)
    rack-protection (1.5.0)
      rack
    sinatra (1.4.2)
      rack (~> 1.5, >= 1.5.2)
      rack-protection (~> 1.4)
      tilt (~> 1.3, >= 1.3.4)
    tilt (1.3.7)

PLATFORMS
  ruby

DEPENDENCIES
  gh
  metriks (>= 0.9.9.6)
  metriks-librato_metrics!
  nokogiri
  puma
  sinatra
