GIT
  remote: git://github.com/eric/metriks-librato_metrics.git
  revision: ccbeb751ec5fc4edfe446d8a67a423b96ebe86c7
  specs:
    metriks-librato_metrics (1.0.2)
      metriks (>= 0.9.9.6)

GEM
  remote: https://rubygems.org/
  specs:
    addressable (2.3.6)
    atomic (1.1.16)
    avl_tree (1.2.1)
      atomic (~> 1.1)
    backports (3.6.4)
    faraday (0.9.0)
      multipart-post (>= 1.2, < 3)
    gh (0.13.2)
      addressable
      backports
      faraday (~> 0.8)
      multi_json (~> 1.0)
      net-http-persistent (>= 2.7)
      net-http-pipeline
    hitimes (1.2.2)
    metriks (0.9.9.7)
      atomic (~> 1.0)
      avl_tree (~> 1.2.0)
      hitimes (~> 1.1)
    mini_portile (0.6.1)
    multi_json (1.10.1)
    multipart-post (2.0.0)
    net-http-persistent (2.9.4)
    net-http-pipeline (1.0.1)
    nokogiri (1.6.5)
      mini_portile (~> 0.6.0)
    puma (2.10.2)
      rack (>= 1.1, < 2.0)
    rack (1.5.2)
    rack-protection (1.5.3)
      rack
    sinatra (1.4.5)
      rack (~> 1.4)
      rack-protection (~> 1.4)
      tilt (~> 1.3, >= 1.3.4)
    tilt (1.4.1)

PLATFORMS
  ruby

DEPENDENCIES
  gh
  metriks (>= 0.9.9.6)
  metriks-librato_metrics!
  nokogiri
  puma
  sinatra
